GEM
  remote: https://rubygems.org/
  specs:
    adsf (1.2.1)
      rack (>= 1.0.0)
    builder (3.2.2)
    coderay (1.1.1)
    colored (1.2)
    cri (2.7.0)
      colored (~> 1.2)
    daemons (1.2.3)
    eventmachine (1.2.0.1)
    haml (4.0.7)
      tilt
    json (1.8.3)
    kramdown (1.11.1)
    method_source (0.8.2)
    mini_portile2 (2.0.0)
    nanoc (4.1.6)
      cri (~> 2.3)
    nokogiri (1.6.7.2)
      mini_portile2 (~> 2.0.0.rc2)
    pry (0.10.3)
      coderay (~> 1.1.0)
      method_source (~> 0.8.1)
      slop (~> 3.4)
    rack (1.6.4)
    rake (11.1.2)
    rubypants (0.2.0)
    sass (3.4.22)
    slop (3.6.0)
    thin (1.6.4)
      daemons (~> 1.0, >= 1.0.9)
      eventmachine (~> 1.0, >= 1.0.4)
      rack (~> 1.0)
    tilt (2.0.3)
    w3c_validators (1.2)
      json
      nokogiri

PLATFORMS
  ruby

DEPENDENCIES
  adsf
  builder
  haml
  kramdown
  nanoc (= 4.1.6)
  nokogiri
  pry
  rake
  rubypants
  sass
  thin
  w3c_validators

BUNDLED WITH
   1.12.2
