GEM
  remote: https://rubygems.org/
  specs:
    adsf (1.2.1)
      rack (>= 1.0.0)
    builder (3.2.2)
    coderay (1.1.1)
    colored (1.2)
    cri (2.7.0)
      colored (~> 1.2)
    daemons (1.2.3)
    eventmachine (1.2.0.1)
    haml (4.0.7)
      tilt
    kramdown (1.11.1)
    method_source (0.8.2)
    nanoc (3.8.0)
      cri (~> 2.3)
    pry (0.10.3)
      coderay (~> 1.1.0)
      method_source (~> 0.8.1)
      slop (~> 3.4)
    rack (1.6.4)
    rake (11.1.2)
    rubypants (0.2.0)
    sass (3.4.22)
    slop (3.6.0)
    thin (1.6.4)
      daemons (~> 1.0, >= 1.0.9)
      eventmachine (~> 1.0, >= 1.0.4)
      rack (~> 1.0)
    tilt (2.0.3)

PLATFORMS
  ruby

DEPENDENCIES
  adsf
  builder
  haml
  kramdown
  nanoc (= 3.8.0)
  pry
  rake
  rubypants
  sass
  thin

BUNDLED WITH
   1.12.2
