GEM
  remote: https://rubygems.org/
  specs:
    addressable (2.5.2)
      public_suffix (>= 2.0.2, < 4.0)
    adsf (1.4.0)
      rack (>= 1.0.0)
    builder (3.2.2)
    coderay (1.1.1)
    colored (1.2)
    concurrent-ruby (1.0.5)
    cri (2.10.1)
      colored (~> 1.2)
    daemons (1.2.3)
    ddmemoize (1.0.0a3)
      ddtelemetry (= 1.0.0a2)
      ref (~> 2.0)
    ddplugin (1.0.1)
    ddtelemetry (1.0.0a2)
    eventmachine (1.2.0.1)
    haml (4.0.7)
      tilt
    hamster (3.0.0)
      concurrent-ruby (~> 1.0)
    kramdown (1.11.1)
    method_source (0.8.2)
    mini_portile2 (2.3.0)
    nanoc (4.8.19)
      addressable (~> 2.5)
      cri (~> 2.8)
      ddmemoize (= 1.0.0a3)
      ddplugin (~> 1.0)
      ddtelemetry (= 1.0.0a2)
      hamster (~> 3.0)
      ref (~> 2.0)
      slow_enumerator_tools (~> 1.0)
    nokogiri (1.8.1)
      mini_portile2 (~> 2.3.0)
    pry (0.10.3)
      coderay (~> 1.1.0)
      method_source (~> 0.8.1)
      slop (~> 3.4)
    public_suffix (3.0.1)
    rack (1.6.4)
    rake (11.1.2)
    ref (2.0.0)
    rubypants (0.2.0)
    sass (3.4.22)
    slop (3.6.0)
    slow_enumerator_tools (1.1.0)
    thin (1.6.4)
      daemons (~> 1.0, >= 1.0.9)
      eventmachine (~> 1.0, >= 1.0.4)
      rack (~> 1.0)
    tilt (2.0.3)

PLATFORMS
  ruby

DEPENDENCIES
  adsf
  builder
  haml
  kramdown
  nanoc
  nokogiri
  pry
  rake
  rubypants
  sass
  thin

BUNDLED WITH
   1.16.0
